PATH
  remote: .
  specs:
    excellent (1.5.5)
      ruby_parser (>= 2.0)
      sexp_processor (>= 3.0)

GEM
  remote: http://rubygems.org/
  specs:
    rspec (1.3.2)
    ruby_parser (2.3.1)
      sexp_processor (~> 3.0)
    sexp_processor (3.2.0)

PLATFORMS
  ruby

DEPENDENCIES
  excellent!
  rspec (~> 1.3.2)
