PATH
  remote: .
  specs:
    excellent (1.7.1)
      ruby_parser (>= 3.0)
      sexp_processor (>= 4.0)

GEM
  remote: https://rubygems.org/
  specs:
    rspec (1.3.2)
    ruby_parser (3.1.3)
      sexp_processor (~> 4.1)
    sexp_processor (4.2.1)

PLATFORMS
  ruby

DEPENDENCIES
  excellent!
  rspec (~> 1.3.2)
