PATH
  remote: .
  specs:
    excellent (1.5.5)
      facets (>= 2.7)
      ruby_parser (>= 2.0)
      sexp_processor (>= 3.0)

GEM
  remote: http://rubygems.org/
  specs:
    facets (2.9.3)
    ruby_parser (2.3.1)
      sexp_processor (~> 3.0)
    sexp_processor (3.2.0)

PLATFORMS
  ruby

DEPENDENCIES
  excellent!
